GEM
  remote: https://rubygems.org/
  specs:
    codecov (0.1.14)
      json
      simplecov
      url
    docile (1.3.1)
    json (2.3.1)
    simplecov (0.16.1)
      docile (~> 1.1)
      json (>= 1.8, < 3)
      simplecov-html (~> 0.10.0)
    simplecov-html (0.10.2)
    url (0.3.2)

PLATFORMS
  ruby

DEPENDENCIES
  codecov

BUNDLED WITH
   2.1.4
